GEM
  remote: http://rubygems.org/
  specs:
    rack (1.2.1)
    redis (2.1.1)
    sinatra (1.1.2)
      rack (~> 1.1)
      tilt (~> 1.2)
    sinatra-redis (0.3.0)
      redis
      sinatra (>= 0.9.4)
    tilt (1.2.2)

PLATFORMS
  ruby

DEPENDENCIES
  redis
  sinatra
  sinatra-redis
